GEM
  remote: https://rubygems.org/
  specs:
    rake (13.3.0)

PLATFORMS
  universal-java-8
  universal-java-11
  universal-java-17
  universal-java-21
  universal-java-25

DEPENDENCIES
  rake (= 13.3.0)
