GEM
  remote: https://rubygems.org/
  specs:
    rake (13.3.0)

PLATFORMS
  universal-java-1.8
  universal-java-21

DEPENDENCIES
  rake (= 13.3.0)

BUNDLED WITH
   2.6.3
